GEM
  remote: https://rubygems.org/
  specs:
    coderay (1.1.0)
    daemons (1.1.9)
    dalli (2.6.4)
    eventmachine (1.0.3)
    haml (4.0.4)
      tilt
    memcachier (0.0.2)
    method_source (0.8.2)
    mini_portile (0.5.2)
    nokogiri (1.6.1)
      mini_portile (~> 0.5.0)
    pry (0.9.12.4)
      coderay (~> 1.0)
      method_source (~> 0.8)
      slop (~> 3.4)
    rack (1.5.2)
    rack-protection (1.5.1)
      rack
    readlists-anonymous (0.0.1)
    sinatra (1.4.4)
      rack (~> 1.4)
      rack-protection (~> 1.4)
      tilt (~> 1.3, >= 1.3.4)
    sinatra-twitter-bootstrap (2.3.3)
    slop (3.4.7)
    thin (1.6.1)
      daemons (>= 1.0.9)
      eventmachine (>= 1.0.0)
      rack (>= 1.0.0)
    tilt (1.4.1)

PLATFORMS
  ruby

DEPENDENCIES
  dalli
  eventmachine
  haml
  memcachier
  nokogiri
  pry
  readlists-anonymous
  sinatra
  sinatra-twitter-bootstrap
  thin
